GEM
  remote: https://rubygems.org/
  specs:
    dotenv (0.9.0)
    foreman (0.63.0)
      dotenv (>= 0.7)
      thor (>= 0.13.6)
    newrelic_rpm (3.6.9.171)
    rack (1.5.2)
    rack-protection (1.5.1)
      rack
    redis (3.0.5)
    sinatra (1.4.4)
      rack (~> 1.4)
      rack-protection (~> 1.4)
      tilt (~> 1.3, >= 1.3.4)
    thor (0.18.1)
    tilt (1.4.1)

PLATFORMS
  ruby

DEPENDENCIES
  foreman
  newrelic_rpm
  redis
  sinatra
