GEM
  remote: https://rubygems.org/
  specs:
    LodViewRewrite (0.0.1)
      net-http-persistent
      sparql
    backports (3.4.0)
    builder (3.2.2)
    diff-lcs (1.2.5)
    dotenv (0.9.0)
    ebnf (0.3.5)
      rdf
      sxp
    foreman (0.63.0)
      dotenv (>= 0.7)
      thor (>= 0.13.6)
    json (1.8.1)
    multi_json (1.8.4)
    net-http-persistent (2.9)
    newrelic_rpm (3.7.1.182)
    rack (1.5.2)
    rack-protection (1.5.1)
      rack
    rack-test (0.6.2)
      rack (>= 1.0)
    rdf (1.1.1.1)
    rdf-aggregate-repo (1.1.0)
      rdf (>= 1.1)
    rdf-xsd (1.1.0)
      rdf (>= 1.1)
    redis (3.0.6)
    rspec (2.14.1)
      rspec-core (~> 2.14.0)
      rspec-expectations (~> 2.14.0)
      rspec-mocks (~> 2.14.0)
    rspec-core (2.14.7)
    rspec-expectations (2.14.4)
      diff-lcs (>= 1.1.3, < 2.0)
    rspec-mocks (2.14.4)
    sinatra (1.4.4)
      rack (~> 1.4)
      rack-protection (~> 1.4)
      tilt (~> 1.3, >= 1.3.4)
    sinatra-contrib (1.4.2)
      backports (>= 2.0)
      multi_json
      rack-protection
      rack-test
      sinatra (~> 1.4.0)
      tilt (~> 1.3)
    sparql (1.1.2.1)
      builder (>= 3.0)
      ebnf (>= 0.3.2)
      json (>= 1.7)
      rdf (>= 1.1.0)
      rdf-aggregate-repo (>= 1.1.0)
      rdf-xsd (>= 1.0.2)
      sparql-client (>= 1.1)
      sxp (>= 0.1.3)
    sparql-client (1.1.1)
      json (>= 1.8)
      net-http-persistent (>= 1.4)
      rdf (>= 1.1)
    sxp (0.1.4)
      json (>= 1.1.1)
    thor (0.18.1)
    tilt (1.4.1)

PLATFORMS
  ruby

DEPENDENCIES
  LodViewRewrite
  foreman
  newrelic_rpm
  rack-test
  redis
  rspec
  sinatra
  sinatra-contrib
